PATH
  remote: .
  specs:
    mosquito-scrape (0.1.0)
      activesupport (~> 7.0.8)
      capybara (~> 3.39)
      dotenv (~> 2.8)
      fileutils (~> 1.7)
      logger (~> 1.6)
      nokogiri (~> 1.15.5)
      oj (~> 3.16)
      open-uri (~> 0.4)
      rack (~> 2)
      securerandom (~> 0.3)
      selenium-webdriver (~> 4)
      typhoeus (~> 1.4)

GEM
  remote: https://rubygems.org/
  specs:
    activesupport (7.0.8)
      concurrent-ruby (~> 1.0, >= 1.0.2)
      i18n (>= 1.6, < 2)
      minitest (>= 5.1)
      tzinfo (~> 2.0)
    addressable (2.8.6)
      public_suffix (>= 2.0.2, < 6.0)
    ast (2.4.2)
    bigdecimal (3.1.5)
    byebug (11.1.3)
    capybara (3.39.2)
      addressable
      matrix
      mini_mime (>= 0.1.3)
      nokogiri (~> 1.8)
      rack (>= 1.6.0)
      rack-test (>= 0.6.3)
      regexp_parser (>= 1.5, < 3.0)
      xpath (~> 3.2)
    concurrent-ruby (1.2.2)
    date (3.3.4)
    dotenv (2.8.1)
    ethon (0.16.0)
      ffi (>= 1.15.0)
    ffi (1.16.3)
    fileutils (1.7.2)
    i18n (1.14.1)
      concurrent-ruby (~> 1.0)
    json (2.7.1)
    language_server-protocol (3.17.0.3)
    logger (1.6.0)
    matrix (0.4.2)
    mini_mime (1.1.5)
    minitest (5.20.0)
    nokogiri (1.15.5-arm64-darwin)
      racc (~> 1.4)
    oj (3.16.3)
      bigdecimal (>= 3.0)
    open-uri (0.4.1)
      stringio
      time
      uri
    parallel (1.23.0)
    parser (3.2.2.4)
      ast (~> 2.4.1)
      racc
    public_suffix (5.0.4)
    racc (1.7.3)
    rack (2.2.8)
    rack-test (2.1.0)
      rack (>= 1.3)
    rainbow (3.1.1)
    rake (13.1.0)
    regexp_parser (2.8.3)
    rexml (3.2.6)
    rubocop (1.59.0)
      json (~> 2.3)
      language_server-protocol (>= 3.17.0)
      parallel (~> 1.10)
      parser (>= 3.2.2.4)
      rainbow (>= 2.2.2, < 4.0)
      regexp_parser (>= 1.8, < 3.0)
      rexml (>= 3.2.5, < 4.0)
      rubocop-ast (>= 1.30.0, < 2.0)
      ruby-progressbar (~> 1.7)
      unicode-display_width (>= 2.4.0, < 3.0)
    rubocop-ast (1.30.0)
      parser (>= 3.2.1.0)
    rubocop-md (1.2.2)
      rubocop (>= 1.0)
    rubocop-minitest (0.33.0)
      rubocop (>= 1.39, < 2.0)
    rubocop-packaging (0.5.2)
      rubocop (>= 1.33, < 2.0)
    rubocop-performance (1.19.1)
      rubocop (>= 1.7.0, < 2.0)
      rubocop-ast (>= 0.4.0)
    rubocop-rails (2.22.2)
      activesupport (>= 4.2.0)
      rack (>= 1.1)
      rubocop (>= 1.33.0, < 2.0)
      rubocop-ast (>= 1.30.0, < 2.0)
    rubocop-rails_config (1.16.0)
      rubocop (>= 1.57.0)
      rubocop-ast (>= 1.26.0)
      rubocop-md
      rubocop-minitest (~> 0.22)
      rubocop-packaging (~> 0.5)
      rubocop-performance (~> 1.11)
      rubocop-rails (~> 2.0)
    ruby-progressbar (1.13.0)
    rubyzip (2.3.2)
    securerandom (0.3.0)
    selenium-webdriver (4.16.0)
      rexml (~> 3.2, >= 3.2.5)
      rubyzip (>= 1.2.2, < 3.0)
      websocket (~> 1.0)
    stringio (3.1.0)
    time (0.3.0)
      date
    typhoeus (1.4.1)
      ethon (>= 0.9.0)
    tzinfo (2.0.6)
      concurrent-ruby (~> 1.0)
    unicode-display_width (2.5.0)
    uri (0.13.0)
    websocket (1.2.10)
    xpath (3.2.0)
      nokogiri (~> 1.8)

PLATFORMS
  arm64-darwin-22

DEPENDENCIES
  byebug (~> 11.0)
  dotenv (~> 2.0)
  minitest (~> 5)
  mosquito-scrape!
  rake (~> 13.0)
  rubocop (~> 1.0)
  rubocop-performance (~> 1.0)
  rubocop-rails (~> 2.0)
  rubocop-rails_config (~> 1.0)

BUNDLED WITH
   2.4.20
